GEM
  remote: https://rubygems.org/
  specs:
    ast (2.4.1)
    kramdown (2.3.0)
      rexml
    parallel (1.20.1)
    parser (2.7.2.0)
      ast (~> 2.4.1)
    pastel (0.8.0)
      tty-color (~> 0.5)
    rainbow (3.0.0)
    regexp_parser (2.0.0)
    rexml (3.2.4)
    rouge (3.26.0)
    rubocop (1.6.1)
      parallel (~> 1.10)
      parser (>= 2.7.1.5)
      rainbow (>= 2.2.2, < 4.0)
      regexp_parser (>= 1.8, < 3.0)
      rexml
      rubocop-ast (>= 1.2.0, < 2.0)
      ruby-progressbar (~> 1.7)
      unicode-display_width (>= 1.4.0, < 2.0)
    rubocop-ast (1.3.0)
      parser (>= 2.7.1.5)
    ruby-progressbar (1.10.1)
    strings (0.2.0)
      strings-ansi (~> 0.2)
      unicode-display_width (~> 1.5)
      unicode_utils (~> 1.4)
    strings-ansi (0.2.0)
    tty-color (0.6.0)
    tty-cursor (0.7.1)
    tty-markdown (0.7.0)
      kramdown (>= 1.16.2, < 3.0)
      pastel (~> 0.8)
      rouge (~> 3.14)
      strings (~> 0.2.0)
      tty-color (~> 0.5)
      tty-screen (~> 0.8)
    tty-prompt (0.23.0)
      pastel (~> 0.8)
      tty-reader (~> 0.8)
    tty-reader (0.9.0)
      tty-cursor (~> 0.7)
      tty-screen (~> 0.8)
      wisper (~> 2.0)
    tty-screen (0.8.1)
    tty-table (0.12.0)
      pastel (~> 0.8)
      strings (~> 0.2.0)
      tty-screen (~> 0.8)
    unicode-display_width (1.7.0)
    unicode_utils (1.4.0)
    wisper (2.0.1)

PLATFORMS
  x86_64-linux

DEPENDENCIES
  pastel (~> 0.8.0)
  rubocop
  tty-color (~> 0.6.0)
  tty-markdown (~> 0.7.0)
  tty-prompt (~> 0.23.0)
  tty-table (~> 0.12.0)

BUNDLED WITH
   2.2.2
